GEM
  remote: https://rubygems.org/
  specs:
    coderay (1.1.3)
    countries (5.7.1)
      unaccent (~> 0.3)
    highline (2.1.0)
    method_source (1.0.0)
    options (2.3.2)
    pbf_parser (0.2.1)
    progress_bar (1.3.3)
      highline (>= 1.6, < 3)
      options (~> 2.3.0)
    pry (0.14.2)
      coderay (~> 1.1)
      method_source (~> 1.0)
    rapidjson (0.2.2)
    stringex (2.8.6)
    unaccent (0.4.0)

PLATFORMS
  aarch64-linux

DEPENDENCIES
  countries
  pbf_parser
  progress_bar
  pry
  rapidjson
  stringex

CHECKSUMS
  coderay (1.1.3) sha256=dc530018a4684512f8f38143cd2a096c9f02a1fc2459edcfe534787a7fc77d4b
  countries (5.7.1) sha256=08e101924bd8813eae897cc4686690a5cbb3a252671692e952702eb71cdf9273
  highline (2.1.0) sha256=d63d7f472f8ffaa143725161ae6fb06895b5cb7527e0b4dac5ad1e4902c80cb9
  method_source (1.0.0) sha256=d779455a2b5666a079ce58577bfad8534f571af7cec8107f4dce328f0981dede
  options (2.3.2) sha256=32413a4b9e363234eed2eecfb2a1a9deb32810f72c54820a37a62f65b905c5e8
  pbf_parser (0.2.1) sha256=d7531f7197d11b236835823189c64b3adaa47cba8cc85b057869329260f7afe2
  progress_bar (1.3.3) sha256=873018c6c94a2c33c9d10109719c14d6004d3bbd4d385691fba9c9560b347b12
  pry (0.14.2) sha256=c4fe54efedaca1d351280b45b8849af363184696fcac1c72e0415f9bdac4334d
  rapidjson (0.2.2) sha256=11dcfa86b0bd76fae3c0579fb0302bdad17cdc98fe2b02bdfca7c21b74603423
  stringex (2.8.6) sha256=c7b382d2b2a47a1e1646f256df201c48d487d6296fbb289d76802f67f5e929c4
  unaccent (0.4.0) sha256=d9278230016edc5317c053f8e84c1e1dea6827dec028e5481e2294a4e11e7333

BUNDLED WITH
   2.5.0.dev
